PATH
  remote: .
  specs:
    fiscal_date (0.1.0)

GEM
  remote: http://rubygems.org/
  specs:
    minitest (4.4.0)
    rake (10.0.3)

PLATFORMS
  ruby

DEPENDENCIES
  fiscal_date!
  minitest (>= 2.6.2)
  rake
