PATH
  remote: .
  specs:
    fiscal_date (0.1.3)

GEM
  remote: http://rubygems.org/
  specs:
    minitest (4.4.0)
    rake (10.3.2)

PLATFORMS
  ruby

DEPENDENCIES
  fiscal_date!
  minitest (>= 2.6.2)
  rake
